GEM
  remote: http://rubygems.org/
  specs:
    chunky_png (1.2.5)
    diff-lcs (1.1.3)
    flickraw (0.9.5)
    flickraw-cached (20110920)
      flickraw (>= 0.9)
    git (1.2.5)
    jeweler (1.8.3)
      bundler (~> 1.0)
      git (>= 1.2.5)
      rake
      rdoc
    json (1.6.5)
    rake (0.9.2.2)
    rdoc (3.12)
      json (~> 1.4)
    rspec (2.8.0)
      rspec-core (~> 2.8.0)
      rspec-expectations (~> 2.8.0)
      rspec-mocks (~> 2.8.0)
    rspec-core (2.8.0)
    rspec-expectations (2.8.0)
      diff-lcs (~> 1.1.2)
    rspec-mocks (2.8.0)

PLATFORMS
  ruby

DEPENDENCIES
  chunky_png
  flickraw-cached
  jeweler (~> 1.8.3)
  rspec (~> 2.8.0)
